GEM
  remote: https://rubygems.org/
  specs:
    SassyLists (2.2.4)
      sass (~> 3.3)
    bootstrap-sass (3.2.0.2)
      sass (~> 3.2)
    breakpoint (2.5.0)
      sass (~> 3.3)
      sassy-maps (< 1.0.0)
    chunky_png (1.3.1)
    color-schemer (0.2.8)
      compass-blend-modes (~> 0.0.2)
    compass (1.0.1)
      chunky_png (~> 1.2)
      compass-core (~> 1.0.1)
      compass-import-once (~> 1.0.5)
      rb-fsevent (>= 0.9.3)
      rb-inotify (>= 0.9)
      sass (>= 3.3.13, < 3.5)
    compass-blend-modes (0.0.2)
      compass
    compass-core (1.0.1)
      multi_json (~> 1.0)
      sass (>= 3.3.0, < 3.5)
    compass-import-once (1.0.5)
      sass (>= 3.2, < 3.5)
    compass-placeholders (1.1.1)
      compass
    ffi (1.9.3)
    ffi (1.9.3-x86-mingw32)
    multi_json (1.10.1)
    rb-fsevent (0.9.4)
    rb-inotify (0.9.5)
      ffi (>= 0.5.0)
    sass (3.4.3)
    sass-globbing (1.1.1)
      sass (>= 3.1)
    sassy-buttons (0.2.6)
      compass (>= 0.12.2)
    sassy-maps (0.4.0)
      sass (~> 3.3)
    susy (2.1.3)
      sass (>= 3.3.0, < 3.5)

PLATFORMS
  ruby
  x86-mingw32

DEPENDENCIES
  SassyLists
  bootstrap-sass
  breakpoint
  color-schemer
  compass (~> 1.0.0.alpha.20)
  compass-import-once
  compass-placeholders (~> 1.1.0)
  sass
  sass-globbing
  sassy-buttons
  sassy-maps
  susy

BUNDLED WITH
   1.10.3
